GEM
  remote: https://rubygems.org/
  specs:
    dun (0.0.1)
    haml (4.0.3)
      tilt
    json (1.8.0)
    kgio (2.8.0)
    pg (0.16.0)
    rack (1.5.2)
    raindrops (0.11.0)
    rake (10.1.0)
    sequel (4.1.1)
    sqlite3 (1.3.7)
    tilt (1.4.1)
    unicorn (4.6.3)
      kgio (~> 2.6)
      rack
      raindrops (~> 0.7)

PLATFORMS
  ruby

DEPENDENCIES
  dun
  haml
  json
  pg
  rack
  rake
  sequel
  sqlite3
  tilt
  unicorn
